GIT
  remote: git@github.com:makevoid/voidtools
  revision: d2cd5e571946dd6896d0745dbd820664d42eeaa6
  specs:
    voidtools (0.2.9)

GEM
  remote: http://rubygems.org/
  specs:
    coderay (1.0.9)
    coffee-script (2.2.0)
      coffee-script-source
      execjs
    coffee-script-source (1.5.0)
    em-websocket (0.4.0)
      eventmachine (>= 0.12.9)
      http_parser.rb (~> 0.5.3)
    eventmachine (1.0.1)
    execjs (1.4.0)
      multi_json (~> 1.0)
    foreman (0.61.0)
      thor (>= 0.13.6)
    guard (1.6.2)
      listen (>= 0.6.0)
      lumberjack (>= 1.0.2)
      pry (>= 0.9.10)
      terminal-table (>= 1.4.3)
      thor (>= 0.14.6)
    guard-coffeescript (1.2.1)
      coffee-script (>= 2.2.0)
      guard (>= 1.1.0)
    guard-livereload (1.1.3)
      em-websocket (>= 0.2.0)
      guard (>= 1.5.0)
      multi_json (~> 1.0)
    guard-sass (1.0.3)
      guard (>= 1.1.0)
      sass (>= 3.1)
    haml (4.0.0)
      tilt
    http_parser.rb (0.5.3)
    json (1.7.7)
    listen (0.7.3)
    lumberjack (1.0.2)
    method_source (0.8.1)
    multi_json (1.6.1)
    pry (0.9.12)
      coderay (~> 1.0.5)
      method_source (~> 0.8)
      slop (~> 3.4)
    rack (1.5.2)
    rack-protection (1.4.0)
      rack
    rb-fsevent (0.9.3)
    rerun (0.8.0)
      listen
    sass (3.2.6)
    sinatra (1.3.5)
      rack (~> 1.4)
      rack-protection (~> 1.3)
      tilt (~> 1.3, >= 1.3.3)
    slop (3.4.3)
    terminal-table (1.4.5)
    thor (0.17.0)
    tilt (1.3.4)

PLATFORMS
  ruby

DEPENDENCIES
  foreman
  guard
  guard-coffeescript
  guard-livereload
  guard-sass
  haml
  json
  rb-fsevent (~> 0.9)
  rerun
  sass
  sinatra
  voidtools!
